NUGET
  remote: https://www.nuget.org/api/v2
  specs:
    FAKE (4.27)
    FSharp.FakeTargets (0.8.1)
    NuGet.CommandLine (3.4.3)
    NUnit.Runners (2.6.4)
