NUGET
  remote: https://www.nuget.org/api/v2
    FAKE (4.60)
    FSharp.FakeTargets (0.11.1)
    NUnit.Runners (2.6.4)
