NUGET
  remote: https://www.nuget.org/api/v2
    FAKE (4.58.6)
    FSharp.FakeTargets (0.10.1)
    NUnit.Runners (2.6.4)
